GEM
  remote: https://rubygems.org/
  specs:
    backports (3.11.4)
    colsole (0.5.3)
    docopt (0.6.1)
    ffi (1.10.0)
    multi_json (1.13.1)
    mustermann (1.0.3)
    puma (3.12.0)
    rack (2.0.6)
    rack-protection (2.0.5)
      rack
    rb-fsevent (0.10.3)
    rb-inotify (0.10.0)
      ffi (~> 1.0)
    runfile (0.11.0)
      colsole (~> 0.5)
      docopt (~> 0.5)
    sass (3.7.3)
      sass-listen (~> 4.0.0)
    sass-listen (4.0.0)
      rb-fsevent (~> 0.9, >= 0.9.4)
      rb-inotify (~> 0.9, >= 0.9.7)
    sinatra (2.0.5)
      mustermann (~> 1.0)
      rack (~> 2.0)
      rack-protection (= 2.0.5)
      tilt (~> 2.0)
    sinatra-contrib (2.0.5)
      backports (>= 2.8.2)
      multi_json
      mustermann (~> 1.0)
      rack-protection (= 2.0.5)
      sinatra (= 2.0.5)
      tilt (>= 1.3, < 3)
    slim (4.0.1)
      temple (>= 0.7.6, < 0.9)
      tilt (>= 2.0.6, < 2.1)
    temple (0.8.0)
    tilt (2.0.9)

PLATFORMS
  ruby

DEPENDENCIES
  puma
  runfile
  sass
  sinatra
  sinatra-contrib
  slim

BUNDLED WITH
   2.0.1
